FRAMEWORK: NET45
NUGET
  remote: https://vrvis.myget.org/F/aardvark_public
    Aardvark.Application (3.2.4)
      Aardvark.Base.Incremental (>= 3.0.20 < 3.1)
      Aardvark.Base.Rendering (>= 3.2.4)
      FShade.Core (>= 3.2.1 < 3.3)
    Aardvark.Application.WinForms (3.2.4)
      Aardvark.Application (>= 3.2.4)
      Aardvark.Base.Incremental (>= 3.0.20 < 3.1)
      Aardvark.Base.Rendering (>= 3.2.4)
      FShade.Core (>= 3.2.1 < 3.3)
    Aardvark.Application.WinForms.GL (3.2.4)
      Aardvark.Application (>= 3.2.4)
      Aardvark.Application.WinForms (>= 3.2.4)
      Aardvark.Base.Incremental (>= 3.0.20 < 3.1)
      Aardvark.Base.Rendering (>= 3.2.4)
      Aardvark.Base.Runtime (>= 3.0.20 < 3.1)
      Aardvark.Rendering.GL (>= 3.2.4)
      FShade.Core (>= 3.2.1 < 3.3)
    Aardvark.Base (3.0.26)
      DevILSharp (>= 0.0.11 < 0.1)
    Aardvark.Base.Essentials (3.0.26)
      Aardvark.Base (>= 3.0.26)
      System.Collections.Immutable (>= 1.2)
      System.Reactive.Linq (>= 3.0 < 3.1)
    Aardvark.Base.FSharp (3.0.26)
      Aardvark.Base (>= 3.0.26)
      DevILSharp (>= 0.0.11 < 0.1)
    Aardvark.Base.Incremental (3.0.26)
      Aardvark.Base (>= 3.0.26)
      Aardvark.Base.Essentials (>= 3.0.26)
      Aardvark.Base.FSharp (>= 3.0.26)
      System.Reactive.Core (>= 3.0 < 3.1)
      System.Reactive.Interfaces (>= 3.0 < 3.1)
      System.Reactive.Linq (>= 3.0 < 3.1)
    Aardvark.Base.Rendering (3.2.4)
      Aardvark.Base.Incremental (>= 3.0.20 < 3.1)
      FShade.Core (>= 3.2.1 < 3.3)
    Aardvark.Base.Runtime (3.0.26)
      Aardvark.Base (>= 3.0.26)
      Aardvark.Base.Essentials (>= 3.0.26)
      Aardvark.Base.FSharp (>= 3.0.26)
      Aardvark.Base.Incremental (>= 3.0.26)
      System.Reactive.Core (>= 3.0 < 3.1)
      System.Reactive.Interfaces (>= 3.0 < 3.1)
      System.Reactive.Linq (>= 3.0 < 3.1)
    Aardvark.Rendering.GL (3.2.4)
      Aardvark.Base.Incremental (>= 3.0.20 < 3.1)
      Aardvark.Base.Rendering (>= 3.2.4)
      Aardvark.Base.Runtime (>= 3.0.20 < 3.1)
      FShade (>= 3.2.1 < 3.3)
      FSharp.Quotations.Evaluator (>= 1.0.6 < 1.1)
    Aardvark.Rendering.Text (3.2.4)
      Aardvark.Base.Incremental (>= 3.0.20 < 3.1)
      Aardvark.Base.Rendering (>= 3.2.4)
      Aardvark.SceneGraph (>= 3.2.4)
      CommonMark.NET (>= 0.12 < 0.13)
      FShade.Core (>= 3.2.1 < 3.3)
      Unofficial.LibTessDotNet (>= 1.0 < 1.1)
    Aardvark.SceneGraph (3.2.4)
      Aardvark.Base.Incremental (>= 3.0.20 < 3.1)
      Aardvark.Base.Rendering (>= 3.2.4)
      FShade.Core (>= 3.2.1 < 3.3)
    Aardvark.SceneGraph.IO (3.2.4)
      Aardvark.Base.Incremental (>= 3.0.20 < 3.1)
      Aardvark.Base.Rendering (>= 3.2.4)
      Aardvark.SceneGraph (>= 3.2.4)
      AssimpNet (>= 3.3.1 < 3.4)
      FShade.Core (>= 3.2.1 < 3.3)
    FShade (3.2.2)
      FShade.Core (3.2.2)
      FShade.GLSL (3.2.2)
      FShade.Imperative (3.2.2)
      FShade.SpirV (3.2.2)
    FShade.Core (3.2.2)
      Aardvark.Base (>= 3.0.16 < 3.1)
      Aardvark.Base.FSharp (>= 3.0.16 < 3.1)
      FShade.Imperative (>= 3.2.2)
    FShade.GLSL (3.2.2)
      Aardvark.Base (>= 3.0.16 < 3.1)
      Aardvark.Base.FSharp (>= 3.0.16 < 3.1)
      FShade.Core (>= 3.2.2)
      FShade.Imperative (>= 3.2.2)
    FShade.Imperative (3.2.2)
      Aardvark.Base (>= 3.0.16 < 3.1)
      Aardvark.Base.FSharp (>= 3.0.16 < 3.1)
    FShade.SpirV (3.2.2)
      Aardvark.Base (>= 3.0.16 < 3.1)
      Aardvark.Base.FSharp (>= 3.0.16 < 3.1)
      FShade.Core (>= 3.2.2)
      FShade.Imperative (>= 3.2.2)
    Unofficial.LibTessDotNet (1.0.2)
  remote: https://api.nuget.org/v3/index.json
    AssimpNet (3.3.2)
    CommonMark.NET (0.12)
    DevILSharp (0.0.13)
    FSharp.Quotations.Evaluator (1.0.7)
    System.Collections.Immutable (1.3.1)
    System.Reactive.Core (3.0)
      System.Reactive.Interfaces (>= 3.0)
    System.Reactive.Interfaces (3.0)
    System.Reactive.Linq (3.0)
      System.Reactive.Core (>= 3.0)
      System.Reactive.Interfaces (>= 3.0)

GROUP Build
CONTENT: NONE
FRAMEWORK: NET45
NUGET
  remote: https://api.nuget.org/v3/index.json
    Chessie (0.6) - content: none
      FSharp.Core
    FAKE (4.52) - content: none
    FSharp.Core (4.1.2) - content: none
      System.ValueTuple (>= 4.3)
    Mono.Cecil (0.10.0-beta5) - content: none
    Newtonsoft.Json (10.0.2) - content: none
    Paket.Core (3.36.5) - content: none
      Chessie (>= 0.6)
      FSharp.Core (>= 4.0.1.7-alpha)
      Mono.Cecil (>= 0.10.0-beta1-v2)
      Newtonsoft.Json
      System.Diagnostics.FileVersionInfo (>= 4.3.0-prerelease)
      System.Diagnostics.Process (>= 4.3.0-prerelease)
      System.Diagnostics.TraceSource (>= 4.3.0-prerelease)
      System.Security.Cryptography.Algorithms (>= 4.3.0-prerelease)
      System.Security.Cryptography.ProtectedData (>= 4.3.0-prerelease)
      System.Xml.XDocument (>= 4.3.0-prerelease)
      System.Xml.XPath.XDocument (>= 4.3.0-prerelease)
      System.Xml.XPath.XmlDocument (>= 4.3.0-prerelease)
    SourceLink.Fake (1.1) - content: none
    System.Diagnostics.FileVersionInfo (4.3) - content: none
    System.Diagnostics.Process (4.3) - content: none
    System.Diagnostics.TraceSource (4.3) - content: none
    System.Security.Cryptography.Algorithms (4.3) - content: none
    System.Security.Cryptography.ProtectedData (4.3) - content: none
    System.ValueTuple (4.3) - content: none
    System.Xml.XDocument (4.3) - content: none
    System.Xml.XPath.XDocument (4.3) - content: none
    System.Xml.XPath.XmlDocument (4.3) - content: none
GITHUB
  remote: vrvis/Aardvark.Fake
    FULLPROJECT (f2bce91a34f8ba811bc93055643c5f7d7c0747c0)
      Chessie (>= 0.6 < 0.7)
      FAKE (>= 4.52 < 4.53)
      Mono.Cecil
      Paket.Core (>= 3.36.1 < 3.37)
      SourceLink.Fake (>= 1.1 < 1.2)