FRAMEWORK: NET45
NUGET
  remote: https://vrvis.myget.org/F/aardvark_public
    Aardvark.Application (2.7.6)
      Aardvark.Base.Incremental (>= 2.4.7 < 2.5)
      Aardvark.Base.Rendering (>= 2.7.6)
      FShade.Core (>= 2.3.5 < 2.4)
    Aardvark.Application.WinForms (2.7.6)
      Aardvark.Application (>= 2.7.6)
      Aardvark.Base.Incremental (>= 2.4.7 < 2.5)
      Aardvark.Base.Rendering (>= 2.7.6)
      FShade.Core (>= 2.3.5 < 2.4)
    Aardvark.Application.WinForms.GL (2.7.6)
      Aardvark.Application (>= 2.7.6)
      Aardvark.Application.WinForms (>= 2.7.6)
      Aardvark.Base.Incremental (>= 2.4.7 < 2.5)
      Aardvark.Base.Rendering (>= 2.7.6)
      Aardvark.Base.Runtime (>= 2.4.7 < 2.5)
      Aardvark.Rendering.GL (>= 2.7.6)
      FShade.Core (>= 2.3.5 < 2.4)
    Aardvark.Base (2.4.14)
      DevILSharp (>= 0.0.11 < 0.1)
    Aardvark.Base.Essentials (2.4.14)
      Aardvark.Base (>= 2.4.14)
      System.Collections.Immutable (>= 1.2 < 1.3)
      System.Reactive.Linq (>= 3.0 < 3.1)
    Aardvark.Base.FSharp (2.4.14)
      Aardvark.Base (>= 2.4.14)
      DevILSharp (>= 0.0.11 < 0.1)
    Aardvark.Base.Incremental (2.4.14)
      Aardvark.Base (>= 2.4.14)
      Aardvark.Base.Essentials (>= 2.4.14)
      Aardvark.Base.FSharp (>= 2.4.14)
      System.Reactive.Core (>= 3.0 < 3.1)
      System.Reactive.Interfaces (>= 3.0 < 3.1)
      System.Reactive.Linq (>= 3.0 < 3.1)
    Aardvark.Base.Rendering (2.7.6)
      Aardvark.Base.Incremental (>= 2.4.7 < 2.5)
      FShade.Core (>= 2.3.5 < 2.4)
    Aardvark.Base.Runtime (2.4.14)
      Aardvark.Base (>= 2.4.14)
      Aardvark.Base.Essentials (>= 2.4.14)
      Aardvark.Base.FSharp (>= 2.4.14)
      Aardvark.Base.Incremental (>= 2.4.14)
      System.Reactive.Core (>= 3.0 < 3.1)
      System.Reactive.Interfaces (>= 3.0 < 3.1)
      System.Reactive.Linq (>= 3.0 < 3.1)
    Aardvark.Rendering.GL (2.7.6)
      Aardvark.Base.Incremental (>= 2.4.7 < 2.5)
      Aardvark.Base.Rendering (>= 2.7.6)
      Aardvark.Base.Runtime (>= 2.4.7 < 2.5)
      FShade.Core (>= 2.3.5 < 2.4)
      FSharp.Quotations.Evaluator (>= 1.0.6 < 1.1)
    Aardvark.Rendering.NanoVg (2.7.6)
      Aardvark.Base.Incremental (>= 2.4.7 < 2.5)
      Aardvark.Base.Rendering (>= 2.7.6)
      Aardvark.Base.Runtime (>= 2.4.7 < 2.5)
      Aardvark.Rendering.GL (>= 2.7.6)
      FShade.Core (>= 2.3.5 < 2.4)
      FSharp.Quotations.Evaluator (>= 1.0.6 < 1.1)
      NanoVgSharp (>= 2.1 < 2.2)
    Aardvark.SceneGraph (2.7.6)
      Aardvark.Base.Incremental (>= 2.4.7 < 2.5)
      Aardvark.Base.Rendering (>= 2.7.6)
      FShade.Core (>= 2.3.5 < 2.4)
    FShade.Core (2.3.6)
      Aardvark.Base (>= 2.4 < 2.5)
      Aardvark.Base.FSharp (>= 2.4 < 2.5)
    NanoVgSharp (2.1.0)
      Aardvark.Base (>= 2.1)
      Aardvark.Base.FSharp (>= 2.1)
      Aardvark.Base.Incremental (>= 2.1)
  remote: https://api.nuget.org/v3/index.json
    DevILSharp (0.0.13)
    FSharp.Quotations.Evaluator (1.0.7)
    System.Collections.Immutable (1.2)
    System.Reactive.Core (3.0)
      System.Reactive.Interfaces (>= 3.0)
    System.Reactive.Interfaces (3.0)
    System.Reactive.Linq (3.0)
      System.Reactive.Core (>= 3.0)
      System.Reactive.Interfaces (>= 3.0)

GROUP Build
CONTENT: NONE
FRAMEWORK: NET45
NUGET
  remote: https://api.nuget.org/v3/index.json
    Chessie (0.6) - content: none
      FSharp.Core
    FAKE (4.52) - content: none
    FSharp.Core (4.1.2) - content: none
      System.ValueTuple (>= 4.3)
    Mono.Cecil (0.10.0-beta5) - content: none
    Newtonsoft.Json (9.0.1) - content: none
    Paket.Core (3.36.5) - content: none
      Chessie (>= 0.6)
      FSharp.Core (>= 4.0.1.7-alpha)
      Mono.Cecil (>= 0.10.0-beta1-v2)
      Newtonsoft.Json
      System.Diagnostics.FileVersionInfo (>= 4.3.0-prerelease)
      System.Diagnostics.Process (>= 4.3.0-prerelease)
      System.Diagnostics.TraceSource (>= 4.3.0-prerelease)
      System.Security.Cryptography.Algorithms (>= 4.3.0-prerelease)
      System.Security.Cryptography.ProtectedData (>= 4.3.0-prerelease)
      System.Xml.XDocument (>= 4.3.0-prerelease)
      System.Xml.XPath.XDocument (>= 4.3.0-prerelease)
      System.Xml.XPath.XmlDocument (>= 4.3.0-prerelease)
    SourceLink.Fake (1.1) - content: none
    System.Diagnostics.FileVersionInfo (4.3) - content: none
    System.Diagnostics.Process (4.3) - content: none
    System.Diagnostics.TraceSource (4.3) - content: none
    System.Security.Cryptography.Algorithms (4.3) - content: none
    System.Security.Cryptography.ProtectedData (4.3) - content: none
    System.ValueTuple (4.3) - content: none
    System.Xml.XDocument (4.3) - content: none
    System.Xml.XPath.XDocument (4.3) - content: none
    System.Xml.XPath.XmlDocument (4.3) - content: none
GITHUB
  remote: vrvis/Aardvark.Fake
    FULLPROJECT (f2bce91a34f8ba811bc93055643c5f7d7c0747c0)
      Chessie (>= 0.6 < 0.7)
      FAKE (>= 4.52 < 4.53)
      Mono.Cecil
      Paket.Core (>= 3.36.1 < 3.37)
      SourceLink.Fake (>= 1.1 < 1.2)